GEM
  remote: https://rubygems.org/
  specs:
    active_support (3.0.0)
      activesupport (= 3.0.0)
    activesupport (3.0.0)
    faraday (0.8.8)
      multipart-post (~> 1.2.0)
    i18n (0.6.5)
    iron_core (1.0.1)
      rest (>= 2.2.0)
    iron_mq (4.0.3)
      iron_core (>= 0.5.1)
    mime-types (2.0)
    multi_json (1.8.2)
    multipart-post (1.2.0)
    net-http-persistent (2.9)
    parse-ruby-client (0.2.0)
      iron_mq
      patron
    patron (0.4.18)
    rack (1.5.2)
    rack-protection (1.5.1)
      rack
    rake (10.1.0)
    rest (2.6.3)
      net-http-persistent
      rest-client (>= 0.3.0)
    rest-client (1.6.7)
      mime-types (>= 1.16)
    simple_oauth (0.2.0)
    sinatra (1.4.4)
      rack (~> 1.4)
      rack-protection (~> 1.4)
      tilt (~> 1.3, >= 1.3.4)
    tilt (1.4.1)
    twitter (4.8.1)
      faraday (~> 0.8, < 0.10)
      multi_json (~> 1.0)
      simple_oauth (~> 0.2)

PLATFORMS
  ruby

DEPENDENCIES
  active_support
  i18n
  parse-ruby-client
  rake
  sinatra
  twitter
